PATH
  remote: .
  specs:
    post_haste (0.9.2)
      json
      nokogiri

GEM
  remote: https://rubygems.org/
  specs:
    activesupport (4.1.1)
      i18n (~> 0.6, >= 0.6.9)
      json (~> 1.7, >= 1.7.7)
      minitest (~> 5.1)
      thread_safe (~> 0.1)
      tzinfo (~> 1.1)
    i18n (0.6.9)
    json (1.8.1)
    mini_portile (0.5.3)
    minitest (5.3.3)
    nokogiri (1.6.2)
      mini_portile (~> 0.5.2)
    rake (10.3.1)
    shoulda (3.5.0)
      shoulda-context (~> 1.0, >= 1.0.1)
      shoulda-matchers (>= 1.4.1, < 3.0)
    shoulda-context (1.2.1)
    shoulda-matchers (2.6.1)
      activesupport (>= 3.0.0)
    thread_safe (0.3.3)
    tzinfo (1.1.0)
      thread_safe (~> 0.1)

PLATFORMS
  ruby

DEPENDENCIES
  bundler
  minitest
  post_haste!
  rake (~> 10.3.1)
  shoulda
