PATH
  remote: .
  specs:
    post_haste (1.3)
      httparty
      metainspector
      nokogiri

GEM
  remote: https://rubygems.org/
  specs:
    activesupport (4.2.4)
      i18n (~> 0.7)
      json (~> 1.7, >= 1.7.7)
      minitest (~> 5.1)
      thread_safe (~> 0.3, >= 0.3.4)
      tzinfo (~> 1.1)
    addressable (2.3.8)
    domain_name (0.5.25)
      unf (>= 0.0.5, < 1.0.0)
    faraday (0.9.2)
      multipart-post (>= 1.2, < 3)
    faraday-cookie_jar (0.0.6)
      faraday (>= 0.7.4)
      http-cookie (~> 1.0.0)
    faraday-http-cache (1.2.2)
      faraday (~> 0.8)
    faraday_middleware (0.10.0)
      faraday (>= 0.7.4, < 0.10)
    fastimage (1.8.0)
      addressable (~> 2.3, >= 2.3.5)
    http-cookie (1.0.2)
      domain_name (~> 0.5)
    httparty (0.13.7)
      json (~> 1.8)
      multi_xml (>= 0.5.2)
    i18n (0.7.0)
    json (1.8.3)
    metainspector (4.7.2)
      addressable (~> 2.3.5)
      faraday (~> 0.9.0)
      faraday-cookie_jar (~> 0.0.6)
      faraday-http-cache (~> 1.2.2)
      faraday_middleware (~> 0.10)
      fastimage
      nokogiri (~> 1.6)
    mini_portile (0.6.2)
    minitest (5.8.0)
    multi_xml (0.5.5)
    multipart-post (2.0.0)
    nokogiri (1.6.6.4)
      mini_portile (~> 0.6.0)
    rake (10.3.2)
    shoulda (3.5.0)
      shoulda-context (~> 1.0, >= 1.0.1)
      shoulda-matchers (>= 1.4.1, < 3.0)
    shoulda-context (1.2.1)
    shoulda-matchers (2.8.0)
      activesupport (>= 3.0.0)
    thread_safe (0.3.5)
    tzinfo (1.2.2)
      thread_safe (~> 0.1)
    unf (0.1.4)
      unf_ext
    unf_ext (0.0.7.1)

PLATFORMS
  ruby

DEPENDENCIES
  bundler
  minitest
  post_haste!
  rake (~> 10.3.1)
  shoulda

BUNDLED WITH
   1.10.6
