PATH
  remote: .
  specs:
    post_haste (0.9.2)
      json
      nokogiri

GEM
  remote: https://rubygems.org/
  specs:
    activesupport (3.2.13)
      i18n (= 0.6.1)
      multi_json (~> 1.0)
    i18n (0.6.1)
    json (1.8.0)
    multi_json (1.7.3)
    nokogiri (1.5.9)
    rake (0.8.7)
    shoulda (3.5.0)
      shoulda-context (~> 1.0, >= 1.0.1)
      shoulda-matchers (>= 1.4.1, < 3.0)
    shoulda-context (1.1.2)
    shoulda-matchers (2.1.0)
      activesupport (>= 3.0.0)

PLATFORMS
  ruby

DEPENDENCIES
  bundler (>= 1.1.0)
  post_haste!
  rake
  shoulda
